PATH
  remote: .
  specs:
    stamps (0.2.0)
      hashie (~> 1.0)
      httpi (= 0.7.9)
      json (~> 1.5)
      multi_json (~> 1.0)
      savon (= 0.8.6)

GEM
  remote: http://rubygems.org/
  specs:
    activesupport (3.2.6)
      i18n (~> 0.6)
      multi_json (~> 1.0)
    addressable (2.2.8)
    awesome_print (1.0.2)
    bluecloth (2.2.0)
    builder (3.0.0)
    crack (0.1.8)
    gyoku (0.4.6)
      builder (>= 2.1.2)
    hashie (1.2.0)
    httpi (0.7.9)
      rack
    i18n (0.6.0)
    json (1.7.3)
    metaclass (0.0.1)
    mocha (0.12.1)
      metaclass (~> 0.0.1)
    multi_json (1.3.6)
    rack (1.4.1)
    savon (0.8.6)
      builder (>= 2.1.2)
      crack (~> 0.1.8)
      gyoku (>= 0.3.0)
      httpi (>= 0.7.8)
    shoulda (3.1.1)
      shoulda-context (~> 1.0)
      shoulda-matchers (~> 1.2)
    shoulda-context (1.0.0)
    shoulda-matchers (1.2.0)
      activesupport (>= 3.0.0)
    simplecov (0.6.4)
      multi_json (~> 1.0)
      simplecov-html (~> 0.5.3)
    simplecov-html (0.5.3)
    webmock (1.8.7)
      addressable (>= 2.2.7)
      crack (>= 0.1.7)
    yard (0.8.2.1)

PLATFORMS
  ruby

DEPENDENCIES
  awesome_print
  bluecloth
  mocha (>= 0.9)
  shoulda (>= 2.11)
  simplecov (>= 0.4)
  stamps!
  webmock (>= 1.6)
  yard
